GEM
  remote: https://rubygems.org/
  specs:
    actionmailer (3.2.13)
      actionpack (= 3.2.13)
      mail (~> 2.5.3)
    actionpack (3.2.13)
      activemodel (= 3.2.13)
      activesupport (= 3.2.13)
      builder (~> 3.0.0)
      erubis (~> 2.7.0)
      journey (~> 1.0.4)
      rack (~> 1.4.5)
      rack-cache (~> 1.2)
      rack-test (~> 0.6.1)
      sprockets (~> 2.2.1)
    activemodel (3.2.13)
      activesupport (= 3.2.13)
      builder (~> 3.0.0)
    activerecord (3.2.13)
      activemodel (= 3.2.13)
      activesupport (= 3.2.13)
      arel (~> 3.0.2)
      tzinfo (~> 0.3.29)
    activeresource (3.2.13)
      activemodel (= 3.2.13)
      activesupport (= 3.2.13)
    activesupport (3.2.13)
      i18n (= 0.6.1)
      multi_json (~> 1.0)
    arel (3.0.2)
    blankslate (2.1.2.4)
    bouncy-castle-java (1.5.0147)
    builder (3.0.4)
    capistrano (2.15.4)
      highline
      net-scp (>= 1.0.0)
      net-sftp (>= 2.0.0)
      net-ssh (>= 2.0.14)
      net-ssh-gateway (>= 1.1.0)
    coffee-rails (3.2.2)
      coffee-script (>= 2.2.0)
      railties (~> 3.2.0)
    coffee-script (2.2.0)
      coffee-script-source
      execjs
    coffee-script-source (1.6.2)
    diff-lcs (1.2.4)
    edn (1.0.0)
      parslet (~> 1.4.0)
    erubis (2.7.0)
    execjs (1.4.0)
      multi_json (~> 1.0)
    highline (1.6.19)
    hike (1.2.3)
    i18n (0.6.1)
    journey (1.0.4)
    jquery-rails (3.0.1)
      railties (>= 3.0, < 5.0)
      thor (>= 0.14, < 2.0)
    jruby-openssl (0.8.8)
      bouncy-castle-java (>= 1.5.0147)
    json (1.8.0-java)
    mail (2.5.4)
      mime-types (~> 1.16)
      treetop (~> 1.4.8)
    mime-types (1.23)
    multi_json (1.7.7)
    neo4j (2.2.4-java)
      activemodel (>= 3.0.0, < 3.3)
      neo4j-wrapper (= 2.2.4)
      orm_adapter (>= 0.0.3)
      railties (>= 3.0.0, < 3.3)
    neo4j-advanced (1.9.M03-java)
    neo4j-community (1.9.M03-java)
    neo4j-core (2.2.4-java)
      neo4j-community (>= 1.8.1, < 1.9)
      neo4j-cypher (~> 1.0.0)
    neo4j-cypher (1.0.0)
    neo4j-enterprise (1.9.M03-java)
    neo4j-wrapper (2.2.4-java)
      neo4j-core (= 2.2.4)
    net-scp (1.1.1)
      net-ssh (>= 2.6.5)
    net-sftp (2.1.2)
      net-ssh (>= 2.6.5)
    net-ssh (2.6.7)
    net-ssh-gateway (1.2.0)
      net-ssh (>= 2.6.5)
    orm_adapter (0.4.0)
    parslet (1.4.0)
      blankslate (~> 2.0)
    polyglot (0.3.3)
    rack (1.4.5)
    rack-cache (1.2)
      rack (>= 0.4)
    rack-ssl (1.3.3)
      rack
    rack-test (0.6.2)
      rack (>= 1.0)
    rails (3.2.13)
      actionmailer (= 3.2.13)
      actionpack (= 3.2.13)
      activerecord (= 3.2.13)
      activeresource (= 3.2.13)
      activesupport (= 3.2.13)
      bundler (~> 1.0)
      railties (= 3.2.13)
    railties (3.2.13)
      actionpack (= 3.2.13)
      activesupport (= 3.2.13)
      rack-ssl (~> 1.3.2)
      rake (>= 0.8.7)
      rdoc (~> 3.4)
      thor (>= 0.14.6, < 2.0)
    rake (10.1.0)
    rdoc (3.12.2)
      json (~> 1.4)
    rspec-core (2.13.1)
    rspec-expectations (2.13.0)
      diff-lcs (>= 1.1.3, < 2.0)
    rspec-mocks (2.13.1)
    rspec-rails (2.13.2)
      actionpack (>= 3.0)
      activesupport (>= 3.0)
      railties (>= 3.0)
      rspec-core (~> 2.13.0)
      rspec-expectations (~> 2.13.0)
      rspec-mocks (~> 2.13.0)
    sass (3.2.9)
    sass-rails (3.2.6)
      railties (~> 3.2.0)
      sass (>= 3.1.10)
      tilt (~> 1.3)
    sprockets (2.2.2)
      hike (~> 1.2)
      multi_json (~> 1.0)
      rack (~> 1.0)
      tilt (~> 1.1, != 1.3.0)
    therubyrhino (2.0.2)
      therubyrhino_jar (>= 1.7.3)
    therubyrhino_jar (1.7.4)
    thor (0.18.1)
    tilt (1.4.1)
    torquebox (2.3.0)
      thor (>= 0.14.6)
      torquebox-cache (= 2.3.0)
      torquebox-configure (= 2.3.0)
      torquebox-core (= 2.3.0)
      torquebox-messaging (= 2.3.0)
      torquebox-naming (= 2.3.0)
      torquebox-rake-support (= 2.3.0)
      torquebox-security (= 2.3.0)
      torquebox-stomp (= 2.3.0)
      torquebox-transactions (= 2.3.0)
      torquebox-web (= 2.3.0)
    torquebox-cache (2.3.0-java)
      torquebox-core (= 2.3.0)
      torquebox-transactions (= 2.3.0)
    torquebox-capistrano-support (2.3.2)
    torquebox-configure (2.3.0-java)
      blankslate (= 2.1.2.4)
    torquebox-core (2.3.0-java)
    torquebox-messaging (2.3.0-java)
      edn (= 1.0.0)
      torquebox-core (= 2.3.0)
      torquebox-transactions (= 2.3.0)
    torquebox-naming (2.3.0-java)
    torquebox-rake-support (2.3.0)
      rake (>= 0.8.7)
    torquebox-security (2.3.0-java)
      torquebox-core (= 2.3.0)
    torquebox-server (2.3.0-java)
      torquebox (= 2.3.0)
    torquebox-stomp (2.3.0)
      torquebox-core (= 2.3.0)
      torquebox-messaging (= 2.3.0)
    torquebox-transactions (2.3.0)
      torquebox-core (= 2.3.0)
    torquebox-web (2.3.0-java)
    treetop (1.4.14)
      polyglot
      polyglot (>= 0.3.1)
    tzinfo (0.3.37)
    uglifier (2.1.1)
      execjs (>= 0.3.0)
      multi_json (~> 1.0, >= 1.0.2)

PLATFORMS
  java

DEPENDENCIES
  capistrano
  coffee-rails (~> 3.2.1)
  jquery-rails
  jruby-openssl
  neo4j (>= 2.2.3)
  neo4j-advanced (= 1.9.M03)
  neo4j-community (= 1.9.M03)
  neo4j-enterprise (= 1.9.M03)
  rails (= 3.2.13)
  rspec-rails
  sass-rails (~> 3.2.3)
  therubyrhino
  torquebox
  torquebox-capistrano-support
  torquebox-rake-support
  torquebox-server
  uglifier (>= 1.0.3)
